GEM
  remote: http://rubygems.org/
  specs:
    httparty (0.8.1)
      multi_json
      multi_xml
    liquid (2.3.0)
    multi_json (1.1.0)
    multi_xml (0.4.1)
    oauth (0.3.6)
      ruby-hmac (>= 0.3.1)
    rack (1.4.1)
    rack-protection (1.2.0)
      rack
    ruby-hmac (0.4.0)
    sinatra (1.3.2)
      rack (~> 1.3, >= 1.3.6)
      rack-protection (~> 1.2)
      tilt (~> 1.3, >= 1.3.3)
    tilt (1.3.3)

PLATFORMS
  ruby

DEPENDENCIES
  bundler (= 1.2.4)
  httparty
  liquid (= 2.3.0)
  oauth (= 0.3.6)
  sinatra (= 1.3.2)
